GEM
  remote: https://rubygems.org/
  specs:
    date (3.3.4)
    mail (2.8.1)
      mini_mime (>= 0.1.1)
      net-imap
      net-pop
      net-smtp
    mini_mime (1.1.5)
    net-imap (0.4.9.1)
      date
      net-protocol
    net-pop (0.1.2)
      net-protocol
    net-protocol (0.2.2)
      timeout
    net-smtp (0.4.0.1)
      net-protocol
    power_assert (2.0.3)
    rexml (3.2.6)
    rubyzip (2.3.2)
    selenium-webdriver (4.16.0)
      rexml (~> 3.2, >= 3.2.5)
      rubyzip (>= 1.2.2, < 3.0)
      websocket (~> 1.0)
    test-unit (3.6.1)
      power_assert
    timeout (0.4.1)
    websocket (1.2.10)

PLATFORMS
  x86_64-linux

DEPENDENCIES
  mail
  selenium-webdriver
  test-unit

BUNDLED WITH
   2.4.20
